GEM
  remote: https://rubygems.org/
  specs:
    ast (2.3.0)
    hike (1.2.3)
    opal (0.11.0)
      ast (>= 2.3.0)
      hike (~> 1.2)
      parser (= 2.3.3.1)
      sourcemap (~> 0.1.0)
    parser (2.3.3.1)
      ast (~> 2.2)
    ruby2d (0.5.0)
      opal (~> 0.10)
    sourcemap (0.1.1)

PLATFORMS
  ruby

DEPENDENCIES
  ruby2d

BUNDLED WITH
   1.16.0
