GEM
  remote: https://rubygems.org/
  specs:
    chunky_png (1.3.8)
    ffi (1.9.18)
    mittsu (0.2.2)
      chunky_png (~> 1.3)
      ffi (~> 1.9)
      opengl-bindings (~> 1.5)
    opengl-bindings (1.6.5)

PLATFORMS
  ruby

DEPENDENCIES
  mittsu

BUNDLED WITH
   1.16.0
