GEM
  remote: https://rubygems.org/
  specs:
    ffi (1.9.18)
    launchpad (0.3.0)
      ffi
      portmidi (>= 0.0.6)
    portmidi (1.0.0.pre.beta.1)
      ffi (~> 1.9)

PLATFORMS
  ruby

DEPENDENCIES
  launchpad
  portmidi (~> 1.0.0.pre.beta.1)

BUNDLED WITH
   1.16.0
